PATH
  remote: .
  specs:
    faker-yikyak (0.1.0)
      faker
      marky_markov

GEM
  remote: https://rubygems.org/
  specs:
    faker (1.4.3)
      i18n (~> 0.5)
    i18n (0.7.0)
    marky_markov (0.3.5)
      msgpack
    msgpack (0.6.2)

PLATFORMS
  ruby

DEPENDENCIES
  faker-yikyak!

BUNDLED WITH
   1.10.4
